GEM
  remote: http://gemcutter.org/
  specs:
    abstract (1.0.0)
    actionmailer (3.0.10)
      actionpack (= 3.0.10)
      mail (~> 2.2.19)
    actionpack (3.0.10)
      activemodel (= 3.0.10)
      activesupport (= 3.0.10)
      builder (~> 2.1.2)
      erubis (~> 2.6.6)
      i18n (~> 0.5.0)
      rack (~> 1.2.1)
      rack-mount (~> 0.6.14)
      rack-test (~> 0.5.7)
      tzinfo (~> 0.3.23)
    activemodel (3.0.10)
      activesupport (= 3.0.10)
      builder (~> 2.1.2)
      i18n (~> 0.5.0)
    activerecord (3.0.10)
      activemodel (= 3.0.10)
      activesupport (= 3.0.10)
      arel (~> 2.0.10)
      tzinfo (~> 0.3.23)
    activeresource (3.0.10)
      activemodel (= 3.0.10)
      activesupport (= 3.0.10)
    activesupport (3.0.10)
    addressable (2.2.6)
    arel (2.0.10)
    builder (2.1.2)
    cancan (1.6.5)
    capybara (1.1.2)
      mime-types (>= 1.16)
      nokogiri (>= 1.3.3)
      rack (>= 1.0.0)
      rack-test (>= 0.5.4)
      selenium-webdriver (~> 2.0)
      xpath (~> 0.1.4)
    childprocess (0.2.4)
      ffi (~> 1.0.6)
    chronic (0.6.4)
    client_side_validations (3.1.0)
    cocaine (0.2.0)
    coderay (0.9.8)
    cucumber (1.1.4)
      builder (>= 2.1.2)
      diff-lcs (>= 1.1.2)
      gherkin (~> 2.7.1)
      json (>= 1.4.6)
      term-ansicolor (>= 1.0.6)
    cucumber-rails (1.2.1)
      capybara (>= 1.1.2)
      cucumber (>= 1.1.3)
      nokogiri (>= 1.5.0)
    database_cleaner (0.7.0)
    diff-lcs (1.1.3)
    erubis (2.6.6)
      abstract (>= 1.0.0)
    factory_girl (2.3.2)
      activesupport
    factory_girl_rails (1.4.0)
      factory_girl (~> 2.3.0)
      railties (>= 3.0.0)
    ffi (1.0.11)
    gherkin (2.7.1)
      json (>= 1.4.6)
    guard (0.9.4)
      ffi (>= 0.5.0)
      thor (~> 0.14.6)
    guard-cucumber (0.7.4)
      cucumber (>= 0.10)
      guard (>= 0.8.3)
    guard-rspec (0.5.10)
      guard (>= 0.8.4)
    highline (1.6.2)
    i18n (0.5.0)
    json (1.6.4)
    launchy (2.0.5)
      addressable (~> 2.2.6)
    mail (2.2.19)
      activesupport (>= 2.3.6)
      i18n (>= 0.4.0)
      mime-types (~> 1.16)
      treetop (~> 1.4.8)
    method_source (0.6.7)
      ruby_parser (>= 2.3.1)
    mime-types (1.16)
    multi_json (1.0.4)
    mysql2 (0.2.17)
    newrelic_rpm (3.2.0)
    nokogiri (1.5.0)
    paperclip (2.4.1)
      activerecord (>= 2.3.0)
      activesupport (>= 2.3.2)
      cocaine (>= 0.0.2)
      mime-types
    plist (3.1.0)
    polyglot (0.3.2)
    pry (0.9.7.4)
      coderay (~> 0.9.8)
      method_source (~> 0.6.7)
      ruby_parser (>= 2.3.1)
      slop (~> 2.1.0)
    pry-doc (0.3.0)
      pry (>= 0.9.0)
      yard (>= 0.6.4)
    pry-rails (0.0.4)
      pry
      pry-doc
    rack (1.2.3)
    rack-mount (0.6.14)
      rack (>= 1.0.0)
    rack-test (0.5.7)
      rack (>= 1.0)
    rails (3.0.10)
      actionmailer (= 3.0.10)
      actionpack (= 3.0.10)
      activerecord (= 3.0.10)
      activeresource (= 3.0.10)
      activesupport (= 3.0.10)
      bundler (~> 1.0)
      railties (= 3.0.10)
    railties (3.0.10)
      actionpack (= 3.0.10)
      activesupport (= 3.0.10)
      rake (>= 0.8.7)
      rdoc (~> 3.4)
      thor (~> 0.14.4)
    rake (0.9.2.2)
    rdoc (3.9.4)
    rest-client (1.6.7)
      mime-types (>= 1.16)
    rspec (2.7.0)
      rspec-core (~> 2.7.0)
      rspec-expectations (~> 2.7.0)
      rspec-mocks (~> 2.7.0)
    rspec-core (2.7.1)
    rspec-expectations (2.7.0)
      diff-lcs (~> 1.1.2)
    rspec-mocks (2.7.0)
    rspec-rails (2.7.0)
      actionpack (~> 3.0)
      activesupport (~> 3.0)
      railties (~> 3.0)
      rspec (~> 2.7.0)
    ruby_parser (2.3.1)
      sexp_processor (~> 3.0)
    rubyzip (0.9.5)
    selenium-webdriver (2.15.0)
      childprocess (>= 0.2.1)
      ffi (~> 1.0.9)
      multi_json (~> 1.0.4)
      rubyzip
    sequel (3.20.0)
    sexp_processor (3.0.9)
    sinatra (1.0)
      rack (>= 1.0)
    slop (2.1.0)
    sqlite3 (1.3.4)
    sqlite3-ruby (1.3.3)
      sqlite3 (>= 1.3.3)
    taps (0.3.23)
      rack (>= 1.0.1)
      rest-client (>= 1.4.0, < 1.7.0)
      sequel (~> 3.20.0)
      sinatra (~> 1.0.0)
      sqlite3-ruby (~> 1.2)
    term-ansicolor (1.0.7)
    textmate_backtracer (1.0.0)
    thor (0.14.6)
    treetop (1.4.10)
      polyglot
      polyglot (>= 0.3.1)
    tzinfo (0.3.29)
    whenever (0.7.0)
      activesupport (>= 2.3.4)
      chronic (~> 0.6.3)
    will_paginate (3.0.0)
    xpath (0.1.4)
      nokogiri (~> 1.3)
    yard (0.7.4)

PLATFORMS
  ruby

DEPENDENCIES
  cancan
  capybara
  client_side_validations
  cucumber-rails
  database_cleaner
  factory_girl_rails
  guard-cucumber
  guard-rspec
  highline
  launchy
  mysql2 (< 0.3)
  newrelic_rpm
  nokogiri
  paperclip
  plist
  pry-rails
  rails (= 3.0.10)
  rspec-rails (~> 2.6)
  sqlite3-ruby
  taps
  textmate_backtracer
  whenever
  will_paginate (~> 3.0)
